GEM
  remote: https://rubygems.org/
  specs:
    coderay (1.1.3)
    colorize (0.8.1)
    method_source (1.0.0)
    mini_portile2 (2.4.0)
    nokogiri (1.10.10)
      mini_portile2 (~> 2.4.0)
    pry (0.13.1)
      coderay (~> 1.1)
      method_source (~> 1.0)
    require_relative (1.0.3)
    wrapify (0.1.2)

PLATFORMS
  ruby

DEPENDENCIES
  bundler
  colorize
  nokogiri
  pry
  require_relative
  wrapify

BUNDLED WITH
   2.1.4
